PATH
  remote: .
  specs:
    ugotserver (0.0.0)

GEM
  remote: https://rubygems.org/
  specs:

PLATFORMS
  ruby

DEPENDENCIES
  ugotserver!
